GIT
  remote: https://github.com/raymens/xdrgen.git
  revision: a655e90c0e72d360586528211947f317cff776e0
  branch: a655e90
  specs:
    xdrgen (0.0.1)
      activesupport (~> 4)
      memoist (~> 0.11.0)
      slop (~> 3.4)
      treetop (~> 1.5.3)

GEM
  remote: https://rubygems.org/
  specs:
    activesupport (4.2.8)
      i18n (~> 0.7)
      minitest (~> 5.1)
      thread_safe (~> 0.3, >= 0.3.4)
      tzinfo (~> 1.1)
    i18n (0.8.1)
    memoist (0.11.0)
    minitest (5.10.1)
    polyglot (0.3.5)
    slop (3.6.0)
    thread_safe (0.3.6)
    treetop (1.5.3)
      polyglot (~> 0.3)
    tzinfo (1.2.2)
      thread_safe (~> 0.1)

PLATFORMS
  ruby

DEPENDENCIES
  xdrgen!

BUNDLED WITH
   1.14.3
